GEM
  remote: https://rubygems.org/
  specs:
    activemodel (3.2.16)
      activesupport (= 3.2.16)
      builder (~> 3.0.0)
    activerecord (3.2.16)
      activemodel (= 3.2.16)
      activesupport (= 3.2.16)
      arel (~> 3.0.2)
      tzinfo (~> 0.3.29)
    activesupport (3.2.16)
      i18n (~> 0.6, >= 0.6.4)
      multi_json (~> 1.0)
    arel (3.0.3)
    builder (3.0.4)
    faraday (0.8.7)
      multipart-post (~> 1.1)
    gems (0.8.3)
    i18n (0.6.9)
    json (1.5.5)
    multi_json (1.8.2)
    multipart-post (1.2.0)
    pg (0.15.1)
    rack (1.5.2)
    simple_oauth (0.2.0)
    sinatra (1.1.4)
      rack (~> 1.1)
      tilt (>= 1.2.2, < 2.0)
      tilt (>= 1.2.2, < 2.0)
    sqlite3 (1.3.7)
    tilt (1.4.1)
    twitter (4.8.1)
      faraday (~> 0.8, < 0.10)
      multi_json (~> 1.0)
      simple_oauth (~> 0.2)
    tzinfo (0.3.38)

PLATFORMS
  ruby

DEPENDENCIES
  activerecord (~> 3.2.11)
  gems
  json (~> 1.5.1)
  pg (~> 0.15.1)
  sinatra (~> 1.1.3)
  sqlite3 (~> 1.3.7)
  twitter (~> 4.8.1)
